GEM
  remote: https://rubygems.org/
  specs:
    json (1.8.2)
    mime-types (2.4.3)
    netrc (0.10.2)
    queryparams (0.0.3)
    rack (1.6.0)
    rack-protection (1.5.3)
      rack
    rest-client (1.7.2)
      mime-types (>= 1.16, < 3.0)
      netrc (~> 0.7)
    sass (3.4.11)
    sinatra (1.4.5)
      rack (~> 1.4)
      rack-protection (~> 1.4)
      tilt (~> 1.3, >= 1.3.4)
    sinatra-static-assets (1.0.4)
      sinatra (>= 1.1.0)
    tilt (1.4.1)

PLATFORMS
  ruby

DEPENDENCIES
  json
  queryparams (~> 0.0.3)
  rest-client
  sass
  sinatra
  sinatra-static-assets
