GEM
  remote: https://rubygems.org/
  specs:
    bacon (1.2.0)
    better_errors (2.1.1)
      coderay (>= 1.0.0)
      erubis (>= 2.6.6)
      rack (>= 0.9.0)
    binding_of_caller (0.7.2)
      debug_inspector (>= 0.0.1)
    boxr (0.8.0)
      hashie (~> 3.3)
      httpclient (~> 2.5)
      oj (~> 2.11)
    coderay (1.1.0)
    debug_inspector (0.0.2)
    erubis (2.7.0)
    hashie (3.4.0)
    httpclient (2.6.0.1)
    json (1.8.2)
    mime-types (2.4.3)
    netrc (0.10.2)
    oj (2.11.4)
    queryparams (0.0.3)
    rack (1.6.0)
    rack-protection (1.5.3)
      rack
    rack-test (0.6.3)
      rack (>= 1.0)
    rest-client (1.7.2)
      mime-types (>= 1.16, < 3.0)
      netrc (~> 0.7)
    sass (3.4.11)
    sinatra (1.4.5)
      rack (~> 1.4)
      rack-protection (~> 1.4)
      tilt (~> 1.3, >= 1.3.4)
    sinatra-formhelpers-ng (1.9.0)
      bacon
      rack-test
    sinatra-static-assets (1.0.4)
      sinatra (>= 1.1.0)
    tilt (1.4.1)

PLATFORMS
  ruby

DEPENDENCIES
  better_errors
  binding_of_caller
  boxr
  json
  queryparams (~> 0.0.3)
  rest-client
  sass
  sinatra
  sinatra-formhelpers-ng
  sinatra-static-assets
